PATH
  remote: .
  specs:
    orm_adapter_couchbase_model (0.0.1)
      couchbase-model
      orm_adapter

GEM
  remote: https://rubygems.org/
  specs:
    connection_pool (1.0.0)
    couchbase (1.3.2)
      connection_pool (~> 1.0.0)
      multi_json (~> 1.0)
      yaji (~> 0.3.2)
    couchbase-model (0.5.3)
      couchbase (~> 1.3.0)
    diff-lcs (1.2.4)
    multi_json (1.7.9)
    orm_adapter (0.4.0)
    rake (10.1.0)
    rspec (2.14.1)
      rspec-core (~> 2.14.0)
      rspec-expectations (~> 2.14.0)
      rspec-mocks (~> 2.14.0)
    rspec-core (2.14.5)
    rspec-expectations (2.14.2)
      diff-lcs (>= 1.1.3, < 2.0)
    rspec-mocks (2.14.3)
    yaji (0.3.4)

PLATFORMS
  ruby

DEPENDENCIES
  orm_adapter_couchbase_model!
  rake
  rspec
